GEM
  remote: https://rubygems.org/
  specs:
    backports (3.11.1)
    chunky_png (1.3.10)
    daemons (1.2.6)
    eventmachine (1.2.5)
    hashie (3.5.7)
    multi_json (1.13.1)
    mustermann (1.0.1)
    nokogiri (1.5.11)
    psd (3.9.0)
      chunky_png
      psd-enginedata (~> 1)
      rake
      xmp
    psd-enginedata (1.1.1)
      hashie
    rack (2.0.3)
    rack-protection (2.0.0)
      rack
    rake (12.3.0)
    sinatra (2.0.0)
      mustermann (~> 1.0)
      rack (~> 2.0)
      rack-protection (= 2.0.0)
      tilt (~> 2.0)
    sinatra-contrib (2.0.0)
      backports (>= 2.0)
      multi_json
      mustermann (~> 1.0)
      rack-protection (= 2.0.0)
      sinatra (= 2.0.0)
      tilt (>= 1.3, < 3)
    thin (1.7.2)
      daemons (~> 1.0, >= 1.0.9)
      eventmachine (~> 1.0, >= 1.0.4)
      rack (>= 1, < 3)
    tilt (2.0.8)
    xmp (0.2.0)
      nokogiri (~> 1.5.0)

PLATFORMS
  ruby

DEPENDENCIES
  psd (~> 3.9)
  sinatra
  sinatra-contrib
  thin

BUNDLED WITH
   1.16.1
